{
	"Modality": "MR",
	"MagneticFieldStrength": 6.98,
	"ImagingFrequency": 297.205,
	"Manufacturer": "Siemens",
	"ManufacturersModelName": "Investigational_Device_7T",
	"InstitutionName": "NIH_7T_Research",
	"InstitutionAddress": "Center_Drive_10_Bethesda.ada082._Maryland_US_20892",
	"DeviceSerialNumber": "18926",
	"StationName": "FMRIFD7T",
	"BodyPartExamined": "HEAD",
	"PatientPosition": "HFS",
	"ProcedureStepDescription": "MRI_Procedure_Limited",
	"SoftwareVersions": "syngo_MR_B17",
	"MRAcquisitionType": "3D",
	"SeriesDescription": "SWI_Images",
	"ProtocolName": "t2_fl3d_tra_p2_swi_0.5_iso",
	"ScanningSequence": "GR",
	"SequenceVariant": "SP_OSP",
	"SequenceName": "swi3d1r",
	"ImageType": ["ORIGINAL", "PRIMARY", "M", "SWI", "ND"],
	"SeriesNumber": 34,
	"AcquisitionTime": "16:10:22.890000",
	"AcquisitionNumber": 1,
	"SliceThickness": 0.5,
	"SAR": 0.0433412,
	"EchoTime": 0.015,
	"RepetitionTime": 0.023,
	"FlipAngle": 20,
	"PartialFourier": 1,
	"BaseResolution": 448,
	"ShimSetting": [
		-164,
		18,
		1065,
		661,
		-137,
		210,
		364,
		-249	],
	"TxRefAmp": 261,
	"PhaseResolution": 0.9,
	"ReceiveCoilName": "32Ch_Head_7T",
	"PulseSequenceDetails": "%SiemensSeq%_gre",
	"PercentPhaseFOV": 75,
	"PhaseEncodingSteps": 302,
	"AcquisitionMatrixPE": 302,
	"ReconMatrixPE": 448,
	"PixelBandwidth": 119,
	"ImageOrientationPatientDICOM": [
		0.999904,
		-0.00137775,
		0.0138063,
		1.34843e-10,
		0.995058,
		0.0992985	],
	"InPlanePhaseEncodingDirectionDICOM": "ROW",
	"ConversionSoftware": "dcm2niix",
	"ConversionSoftwareVersion": "v1.0.20181125  Clang8.1.0"
}
