{"Modality": "MR", "MagneticFieldStrength": 6.98, "Manufacturer": "Siemens", "ManufacturersModelName": "Investigational_Device_7T", "InstitutionName": "NIH_7T_Research", "InstitutionalDepartmentName": "Department", "InstitutionAddress": "Center_Drive_10_Bethesda.ea6fdd._Maryland_US_20892", "DeviceSerialNumber": "18926", "StationName": "FMRIFD7T", "BodyPartExamined": "HEAD", "PatientPosition": "HFS", "ProcedureStepDescription": "MRI_Procedure_Limited", "SoftwareVersions": "syngo_MR_B17", "MRAcquisitionType": "2D", "SeriesDescription": "TR125_MB3_ipat2_TE20p5_9slices_flip15_run10", "ProtocolName": "TR125_MB3_ipat2_TE20p5_9slices_flip15_run10", "ScanningSequence": "EP", "SequenceVariant": "SK_SS", "ScanOptions": "FS", "SequenceName": "epfid2d1_64", "ImageType": ["ORIGINAL", "PRIMARY", "M", "MB", "ND", "MOSAIC"], "SeriesNumber": 37, "AcquisitionTime": "18:02:28.877500", "AcquisitionNumber": 1, "ImageComments": "Unaliased_MB3_PE4_LB", "SliceThickness": 5, "SpacingBetweenSlices": 5, "SAR": 0.0688074, "EchoTime": 0.0208, "RepetitionTime": 0.125, "FlipAngle": 15, "PartialFourier": 1, "BaseResolution": 64, "ShimSetting": [-258, 215, 736, 739, -462, 176, 548, -220], "TxRefAmp": 200, "PhaseResolution": 1, "ReceiveCoilName": "32Ch_Head_7T", "PulseSequenceDetails": "%CustomerSeq%_cmrr_mbep2d_bold", "MultibandAccelerationFactor": 3, "PercentPhaseFOV": 100, "PhaseEncodingSteps": 63, "AcquisitionMatrixPE": 64, "ReconMatrixPE": 64, "BandwidthPerPixelPhaseEncode": 57.87, "ParallelReductionFactorInPlane": 2, "EffectiveEchoSpacing": 0.000270002, "DerivedVendorReportedEchoSpacing": 0.000540003, "TotalReadoutTime": 0.0170101, "PixelBandwidth": 2520, "DwellTime": 3.1e-06, "PhaseEncodingDirection": "j-", "SliceTiming": [0, 0.04, 0.0825, 0, 0.04, 0.0825, 0, 0.04, 0.0825], "ImageOrientationPatientDICOM": [1, 0, 0, 0, 0.996493, -0.0836778], "InPlanePhaseEncodingDirectionDICOM": "COL", "ConversionSoftware": "dcm2niix", "ConversionSoftwareVersion": "v1.0.20180622 Clang8.1.0", "TaskName": "main"}