{
	"Modality": "MR",
	"MagneticFieldStrength": 6.98,
	"ImagingFrequency": 297.204,
	"Manufacturer": "Siemens",
	"ManufacturersModelName": "Investigational_Device_7T",
	"InstitutionName": "NIH_7T_Research",
	"InstitutionalDepartmentName": "Department",
	"InstitutionAddress": "Center_Drive_10_Bethesda.ea6fdd._Maryland_US_20892",
	"DeviceSerialNumber": "18926",
	"StationName": "FMRIFD7T",
	"BodyPartExamined": "HEAD",
	"PatientPosition": "HFS",
	"ProcedureStepDescription": "MRI_Procedure_Limited",
	"SoftwareVersions": "syngo_MR_B17",
	"MRAcquisitionType": "3D",
	"SeriesDescription": "MP2RAGE_0.70iso_800_2700_UNI-DEN",
	"ProtocolName": "MP2RAGE_0.70iso_800_2700",
	"ScanningSequence": "GR_IR",
	"SequenceVariant": "SP_MP",
	"ScanOptions": "IR_PFP",
	"SequenceName": "tfl3d1_ns",
	"ImageType": ["ORIGINAL", "PRIMARY", "M", "ND", "UNI"],
	"SeriesNumber": 10,
	"AcquisitionTime": "16:32:28.295000",
	"AcquisitionNumber": 1,
	"ImageComments": "DENOISED_IMAGE_(lambda_=_150)",
	"SliceThickness": 0.7,
	"SAR": 0.118735,
	"EchoTime": 0.00302,
	"RepetitionTime": 6,
	"PartialFourier": 0.75,
	"BaseResolution": 320,
	"ShimSetting": [
		-207,
		-41,
		999,
		388,
		7,
		-706,
		965,
		-301	],
	"TxRefAmp": 277,
	"PhaseResolution": 1,
	"ReceiveCoilName": "32Ch_Head_7T",
	"CoilString": "C:A32",
	"PulseSequenceDetails": "%CustomerSeq%_tfl_wip900b17a",
	"PercentPhaseFOV": 100,
	"PhaseEncodingSteps": 240,
	"AcquisitionMatrixPE": 320,
	"ReconMatrixPE": 320,
	"PixelBandwidth": 240,
	"DwellTime": 6.5e-06,
	"ImageOrientationPatientDICOM": [
		0,
		1,
		0,
		0,
		0,
		-1	],
	"InPlanePhaseEncodingDirectionDICOM": "ROW",
	"ConversionSoftware": "dcm2niix",
	"ConversionSoftwareVersion": "v1.0.20181125  Clang8.1.0"
}
