{
	"Modality": "MR",
	"MagneticFieldStrength": 6.98,
	"ImagingFrequency": 297.204,
	"Manufacturer": "Siemens",
	"ManufacturersModelName": "Investigational_Device_7T",
	"InstitutionName": "NIH_7T_Research",
	"InstitutionalDepartmentName": "Department",
	"InstitutionAddress": "Center_Drive_10_Bethesda.ada082._Maryland_US_20892",
	"DeviceSerialNumber": "18926",
	"StationName": "FMRIFD7T",
	"BodyPartExamined": "HEAD",
	"PatientPosition": "HFS",
	"ProcedureStepDescription": "MRI_Procedure_Limited",
	"SoftwareVersions": "syngo_MR_B17",
	"MRAcquisitionType": "3D",
	"SeriesDescription": "SWI_Images",
	"ProtocolName": "t2_fl3d_tra_p2_swi_0.5_iso",
	"ScanningSequence": "GR",
	"SequenceVariant": "SP_OSP",
	"SequenceName": "swi3d1r",
	"ImageType": ["ORIGINAL", "PRIMARY", "M", "SWI", "ND"],
	"SeriesNumber": 31,
	"AcquisitionTime": "15:51:24.020000",
	"AcquisitionNumber": 1,
	"SliceThickness": 0.5,
	"SAR": 0.0553342,
	"EchoTime": 0.015,
	"RepetitionTime": 0.023,
	"FlipAngle": 20,
	"PartialFourier": 1,
	"BaseResolution": 448,
	"ShimSetting": [
		-255,
		290,
		911,
		761,
		-13,
		1155,
		686,
		-287	],
	"TxRefAmp": 303,
	"PhaseResolution": 0.9,
	"ReceiveCoilName": "32Ch_Head_7T",
	"CoilString": "C:A32",
	"PulseSequenceDetails": "%SiemensSeq%_gre",
	"PercentPhaseFOV": 75,
	"PhaseEncodingSteps": 302,
	"AcquisitionMatrixPE": 302,
	"ReconMatrixPE": 448,
	"PixelBandwidth": 119,
	"DwellTime": 9.4e-06,
	"ImageOrientationPatientDICOM": [
		0.997541,
		0.0138873,
		0.0686973,
		7.60693e-10,
		0.980173,
		-0.198145	],
	"InPlanePhaseEncodingDirectionDICOM": "ROW",
	"ConversionSoftware": "dcm2niix",
	"ConversionSoftwareVersion": "v1.0.20181125  Clang8.1.0"
}
