{
	"Modality": "MR",
	"MagneticFieldStrength": 6.98,
	"ImagingFrequency": 297.204,
	"Manufacturer": "Siemens",
	"ManufacturersModelName": "Investigational_Device_7T",
	"InstitutionName": "NIH_7T_Research",
	"InstitutionalDepartmentName": "Department",
	"InstitutionAddress": "Center_Drive_10_Bethesda.ea6fdd._Maryland_US_20892",
	"DeviceSerialNumber": "18926",
	"StationName": "FMRIFD7T",
	"BodyPartExamined": "HEAD",
	"PatientPosition": "HFS",
	"ProcedureStepDescription": "MRI_Procedure_Limited",
	"SoftwareVersions": "syngo_MR_B17",
	"MRAcquisitionType": "3D",
	"SeriesDescription": "SWI_Images",
	"ProtocolName": "t2_fl3d_tra_p2_swi_0.5_iso",
	"ScanningSequence": "GR",
	"SequenceVariant": "SP_OSP",
	"SequenceName": "swi3d1r",
	"ImageType": ["ORIGINAL", "PRIMARY", "M", "SWI", "ND"],
	"SeriesNumber": 6,
	"AcquisitionTime": "14:30:33.147500",
	"AcquisitionNumber": 1,
	"SliceThickness": 0.5,
	"SAR": 0.0588696,
	"EchoTime": 0.015,
	"RepetitionTime": 0.023,
	"FlipAngle": 20,
	"PartialFourier": 1,
	"BaseResolution": 448,
	"ShimSetting": [
		-250,
		15,
		1340,
		965,
		-72,
		-358,
		773,
		-175	],
	"TxRefAmp": 297,
	"PhaseResolution": 0.9,
	"ReceiveCoilName": "32Ch_Head_7T",
	"CoilString": "C:A32",
	"PulseSequenceDetails": "%SiemensSeq%_gre",
	"PercentPhaseFOV": 75,
	"PhaseEncodingSteps": 302,
	"AcquisitionMatrixPE": 302,
	"ReconMatrixPE": 448,
	"PixelBandwidth": 119,
	"DwellTime": 9.4e-06,
	"ImageOrientationPatientDICOM": [
		0.999816,
		1.55781e-06,
		0.0191628,
		2.05047e-10,
		1,
		-8.13044e-05	],
	"InPlanePhaseEncodingDirectionDICOM": "ROW",
	"ConversionSoftware": "dcm2niix",
	"ConversionSoftwareVersion": "v1.0.20181125  Clang8.1.0"
}
