{
	"Modality": "MR",
	"MagneticFieldStrength": 6.98,
	"ImagingFrequency": 297.204,
	"Manufacturer": "Siemens",
	"ManufacturersModelName": "Investigational_Device_7T",
	"InstitutionName": "NIH_7T_Research",
	"InstitutionalDepartmentName": "Department",
	"InstitutionAddress": "Center_Drive_10_Bethesda.ea6fdd._Maryland_US_20892",
	"DeviceSerialNumber": "18926",
	"StationName": "FMRIFD7T",
	"BodyPartExamined": "HEAD",
	"PatientPosition": "HFS",
	"ProcedureStepDescription": "MRI_Procedure_Limited",
	"SoftwareVersions": "syngo_MR_B17",
	"MRAcquisitionType": "3D",
	"SeriesDescription": "SWI_Images",
	"ProtocolName": "t2_fl3d_tra_p2_swi_0.5_iso",
	"ScanningSequence": "GR",
	"SequenceVariant": "SP_OSP",
	"SequenceName": "swi3d1r",
	"ImageType": ["ORIGINAL", "PRIMARY", "M", "SWI", "ND"],
	"SeriesNumber": 30,
	"AcquisitionTime": "13:38:7.870000",
	"AcquisitionNumber": 1,
	"SliceThickness": 0.5,
	"SAR": 0.0363272,
	"EchoTime": 0.015,
	"RepetitionTime": 0.023,
	"FlipAngle": 20,
	"PartialFourier": 1,
	"BaseResolution": 448,
	"ShimSetting": [
		-228,
		238,
		1327,
		1080,
		205,
		302,
		621,
		-204	],
	"TxRefAmp": 220,
	"PhaseResolution": 0.9,
	"ReceiveCoilName": "32Ch_Head_7T",
	"CoilString": "C:A32",
	"PulseSequenceDetails": "%SiemensSeq%_gre",
	"PercentPhaseFOV": 75,
	"PhaseEncodingSteps": 302,
	"AcquisitionMatrixPE": 302,
	"ReconMatrixPE": 448,
	"PixelBandwidth": 119,
	"DwellTime": 9.4e-06,
	"ImageOrientationPatientDICOM": [
		1,
		-1.13479e-06,
		-1.44327e-05,
		2.05121e-10,
		0.996924,
		-0.0783701	],
	"InPlanePhaseEncodingDirectionDICOM": "ROW",
	"ConversionSoftware": "dcm2niix",
	"ConversionSoftwareVersion": "v1.0.20181125  Clang8.1.0"
}
